GEM
  remote: https://rubygems.org/
  specs:
    rack (2.0.5)

PLATFORMS
  x64-mingw32

DEPENDENCIES
  rack

BUNDLED WITH
   1.16.2
